GEM
  remote: https://rubygems.org/
  specs:
    asciidoctor (1.5.5)

PLATFORMS
  ruby

DEPENDENCIES
  asciidoctor (~> 1.5, >= 1.5.5)

BUNDLED WITH
   1.13.6
